GEM
  remote: http://rubygems.org/
  specs:
    coffee-script (2.2.0)
      coffee-script-source
      execjs
    coffee-script-source (1.1.2)
    execjs (1.2.4)
      multi_json (~> 1.0)
    growl_notify (0.0.1)
      rb-appscript
    guard (0.6.3)
      thor (~> 0.14.6)
    guard-jasmine-headless-webkit (0.2.0)
      guard (>= 0.4.0)
      jasmine-headless-webkit (>= 0.3.0)
    jasmine-core (1.1.0.rc4)
    jasmine-headless-webkit (0.6.3)
      coffee-script (>= 2.2)
      jasmine-core (~> 1.1.beta)
      multi_json
      rainbow
    multi_json (1.0.3)
    rainbow (1.1.1)
    rb-appscript (0.6.1)
    rb-fsevent (0.4.3.1)
    thor (0.14.6)

PLATFORMS
  ruby

DEPENDENCIES
  growl_notify
  guard-jasmine-headless-webkit
  jasmine-headless-webkit
  rb-fsevent
